PATH
  remote: .
  specs:
    flea (0.1.0)
      sexpistol

GEM
  remote: http://rubygems.org/
  specs:
    any-spec (0.1.0)
    diff-lcs (1.3)
    rspec (3.6.0)
      rspec-core (~> 3.6.0)
      rspec-expectations (~> 3.6.0)
      rspec-mocks (~> 3.6.0)
    rspec-core (3.6.0)
      rspec-support (~> 3.6.0)
    rspec-expectations (3.6.0)
      diff-lcs (>= 1.2.0, < 2.0)
      rspec-support (~> 3.6.0)
    rspec-mocks (3.6.0)
      diff-lcs (>= 1.2.0, < 2.0)
      rspec-support (~> 3.6.0)
    rspec-support (3.6.0)
    sexpistol (0.0.7)

PLATFORMS
  ruby

DEPENDENCIES
  any-spec
  flea!
  rspec (~> 3.2)

BUNDLED WITH
   1.14.2
